GEM
  remote: https://rubygems.org/
  specs:
    activesupport (7.1.3)
      base64
      bigdecimal
      concurrent-ruby (~> 1.0, >= 1.0.2)
      connection_pool (>= 2.2.5)
      drb
      i18n (>= 1.6, < 2)
      minitest (>= 5.1)
      mutex_m
      tzinfo (~> 2.0)
    amazing_print (1.5.0)
    amq-protocol (2.3.2)
    base64 (0.2.0)
    bcrypt (3.1.20)
    bigdecimal (3.1.6)
    bunny (2.22.0)
      amq-protocol (~> 2.3, >= 2.3.1)
      sorted_set (~> 1, >= 1.0.2)
    byebug (11.1.3)
    concurrent-ruby (1.2.3)
    config (5.1.0)
      deep_merge (~> 1.2, >= 1.2.1)
      dry-validation (~> 1.0, >= 1.0.0)
    connection_pool (2.4.1)
    database_cleaner-core (2.0.1)
    database_cleaner-sequel (2.0.2)
      database_cleaner-core (~> 2.0.0)
      sequel
    deep_merge (1.2.2)
    diff-lcs (1.5.1)
    digest-crc (0.6.5)
      rake (>= 12.0.0, < 14.0.0)
    drb (2.2.0)
      ruby2_keywords
    dry-configurable (1.1.0)
      dry-core (~> 1.0, < 2)
      zeitwerk (~> 2.6)
    dry-core (1.0.1)
      concurrent-ruby (~> 1.0)
      zeitwerk (~> 2.6)
    dry-inflector (1.0.0)
    dry-initializer (3.1.1)
    dry-logic (1.5.0)
      concurrent-ruby (~> 1.0)
      dry-core (~> 1.0, < 2)
      zeitwerk (~> 2.6)
    dry-schema (1.13.3)
      concurrent-ruby (~> 1.0)
      dry-configurable (~> 1.0, >= 1.0.1)
      dry-core (~> 1.0, < 2)
      dry-initializer (~> 3.0)
      dry-logic (>= 1.4, < 2)
      dry-types (>= 1.7, < 2)
      zeitwerk (~> 2.6)
    dry-types (1.7.2)
      bigdecimal (~> 3.0)
      concurrent-ruby (~> 1.0)
      dry-core (~> 1.0)
      dry-inflector (~> 1.0)
      dry-logic (~> 1.4)
      zeitwerk (~> 2.6)
    dry-validation (1.10.0)
      concurrent-ruby (~> 1.0)
      dry-core (~> 1.0, < 2)
      dry-initializer (~> 3.0)
      dry-schema (>= 1.12, < 2)
      zeitwerk (~> 2.6)
    factory_bot (6.4.6)
      activesupport (>= 5.0.0)
    i18n (1.14.1)
      concurrent-ruby (~> 1.0)
    minitest (5.22.2)
    mutex_m (0.2.0)
    nio4r (2.7.0)
    pg (1.5.4)
    puma (6.4.2)
      nio4r (~> 2.0)
    rack (3.0.9)
    rack-test (2.1.0)
      rack (>= 1.3)
    rake (13.1.0)
    rbtree (0.4.6)
    roda (3.77.0)
      rack
    rspec (3.13.0)
      rspec-core (~> 3.13.0)
      rspec-expectations (~> 3.13.0)
      rspec-mocks (~> 3.13.0)
    rspec-core (3.13.0)
      rspec-support (~> 3.13.0)
    rspec-expectations (3.13.0)
      diff-lcs (>= 1.2.0, < 2.0)
      rspec-support (~> 3.13.0)
    rspec-mocks (3.13.0)
      diff-lcs (>= 1.2.0, < 2.0)
      rspec-support (~> 3.13.0)
    rspec-support (3.13.0)
    ruby-kafka (1.5.0)
      digest-crc
    ruby2_keywords (0.0.5)
    sequel (5.77.0)
      bigdecimal
    sequel-seed (1.1.2)
      sequel (>= 4.49.0)
    sequel_secure_password (0.2.15)
      bcrypt (>= 3.1, < 4.0)
      sequel (>= 4.1.0, < 6.0)
    set (1.1.0)
    sorted_set (1.0.3)
      rbtree
      set (~> 1.0)
    tzinfo (2.0.6)
      concurrent-ruby (~> 1.0)
    zeitwerk (2.6.13)

PLATFORMS
  x86_64-darwin-20

DEPENDENCIES
  amazing_print
  bunny
  byebug
  config
  database_cleaner-sequel
  factory_bot
  i18n
  pg
  puma
  rack-test
  rake
  roda
  rspec
  ruby-kafka
  sequel
  sequel-seed (~> 1.1, >= 1.1.2)
  sequel_secure_password

BUNDLED WITH
   2.2.3
